PATH
  remote: .
  specs:
    rocket_graylog (0.1.0)
      concurrent-ruby (>= 1.0.5)
      gelf (>= 3.0.0)
      retriable (>= 3.1.0)

GEM
  remote: https://rubygems.org/
  specs:
    concurrent-ruby (1.1.3)
    diff-lcs (1.3)
    gelf (3.1.0)
      json
    json (2.1.0)
    rake (10.5.0)
    retriable (3.1.2)
    rspec (3.8.0)
      rspec-core (~> 3.8.0)
      rspec-expectations (~> 3.8.0)
      rspec-mocks (~> 3.8.0)
    rspec-core (3.8.0)
      rspec-support (~> 3.8.0)
    rspec-expectations (3.8.2)
      diff-lcs (>= 1.2.0, < 2.0)
      rspec-support (~> 3.8.0)
    rspec-mocks (3.8.0)
      diff-lcs (>= 1.2.0, < 2.0)
      rspec-support (~> 3.8.0)
    rspec-support (3.8.0)

PLATFORMS
  ruby

DEPENDENCIES
  bundler (~> 1.16)
  rake (~> 10.0)
  rocket_graylog!
  rspec (~> 3.2)

BUNDLED WITH
   1.16.1
